RESTRICTION: == net472
NUGET
  remote: https://www.nuget.org/api/v2
    LrndefLib (2.0)
    Newtonsoft.Json (10.0.3)

GROUP HTTPDependencies

HTTP
  remote: https://github.com
    TShock/TShock.zip (/Pryaxis/TShock/releases/download/v4.5.5/TShock4.5.5_Terraria_1.4.2.3.zip)